GEM
  remote: http://ruby.taobao.org/
  specs:
    addressable (2.2.6)
    bson (1.5.2)
    bson_ext (1.5.2)
      bson (= 1.5.2)
    em-http-request (0.3.0)
      addressable (>= 2.0.0)
      escape_utils
      eventmachine (>= 0.12.9)
    em-mongo (0.4.2)
      bson (>= 1.1.3)
      eventmachine (>= 0.12.10)
    em-redis (0.3.0)
      eventmachine
    em-resque (1.0.3)
      em-redis (~> 0.3.0)
      em-synchrony (~> 1.0.0)
      resque (~> 1.19.0)
    em-synchrony (1.0.0)
      eventmachine (>= 1.0.0.beta.1)
    escape_utils (0.2.4)
    eventmachine (1.0.0.beta.1)
    eventmachine_httpserver (0.2.1)
    multi_json (1.1.0)
    rack (1.4.1)
    rack-protection (1.2.0)
      rack
    rake (0.9.2.2)
    redis (2.2.2)
    redis-namespace (1.0.3)
      redis (< 3.0.0)
    resque (1.19.0)
      multi_json (~> 1.0)
      redis-namespace (~> 1.0.2)
      sinatra (>= 0.9.2)
      vegas (~> 0.1.2)
    sinatra (1.3.2)
      rack (~> 1.3, >= 1.3.6)
      rack-protection (~> 1.2)
      tilt (~> 1.3, >= 1.3.3)
    tilt (1.3.3)
    vegas (0.1.11)
      rack (>= 1.0.0)

PLATFORMS
  ruby

DEPENDENCIES
  bson_ext
  em-http-request
  em-mongo
  em-resque
  eventmachine (= 1.0.0.beta.1)
  eventmachine_httpserver
  rake
